GEM
  remote: https://rubygems.org/
  specs:
    aws-partitions (1.78.0)
    aws-sdk-core (3.19.0)
      aws-partitions (~> 1.0)
      aws-sigv4 (~> 1.0)
      jmespath (~> 1.0)
    aws-sdk-kms (1.5.0)
      aws-sdk-core (~> 3)
      aws-sigv4 (~> 1.0)
    aws-sdk-s3 (1.9.0)
      aws-sdk-core (~> 3)
      aws-sdk-kms (~> 1)
      aws-sigv4 (~> 1.0)
    aws-sigv4 (1.0.2)
    domain_name (0.5.20170404)
      unf (>= 0.0.5, < 1.0.0)
    haml (3.1.7)
    http-cookie (1.0.3)
      domain_name (~> 0.5)
    jmespath (1.4.0)
    mime-types (3.1)
      mime-types-data (~> 3.2015)
    mime-types-data (3.2016.0521)
    mustermann (1.0.2)
    netrc (0.11.0)
    rack (2.0.4)
    rack-protection (2.0.1)
      rack
    rest-client (2.0.2)
      http-cookie (>= 1.0.2, < 2.0)
      mime-types (>= 1.16, < 4.0)
      netrc (~> 0.8)
    sass (3.2.1)
    shotgun (0.9)
      rack (>= 1.0)
    sinatra (2.0.1)
      mustermann (~> 1.0)
      rack (~> 2.0)
      rack-protection (= 2.0.1)
      tilt (~> 2.0)
    tilt (2.0.8)
    unf (0.1.4)
      unf_ext
    unf_ext (0.0.7.5)

PLATFORMS
  ruby

DEPENDENCIES
  aws-sdk-s3 (~> 1)
  haml (= 3.1.7)
  rest-client
  sass (= 3.2.1)
  shotgun (= 0.9)
  sinatra

BUNDLED WITH
   1.16.0
